GEM
  remote: https://rubygems.org/
  specs:
    bcrypt (3.1.16)

PLATFORMS
  ruby

DEPENDENCIES
  bcrypt (~> 3.1, >= 3.1.16)

BUNDLED WITH
   2.1.4
